GEM
  remote: https://rubygems.org/
  specs:
    activesupport (4.2.5)
      i18n (~> 0.7)
      json (~> 1.7, >= 1.7.7)
      minitest (~> 5.1)
      thread_safe (~> 0.3, >= 0.3.4)
      tzinfo (~> 1.1)
    aws-sdk (1.64.0)
      aws-sdk-v1 (= 1.64.0)
    aws-sdk-v1 (1.64.0)
      json (~> 1.4)
      nokogiri (>= 1.4.4)
    certified (1.0.0)
    claide (0.9.1)
    cocoapods (0.39.0)
      activesupport (>= 4.0.2)
      claide (~> 0.9.1)
      cocoapods-core (= 0.39.0)
      cocoapods-downloader (~> 0.9.3)
      cocoapods-plugins (~> 0.4.2)
      cocoapods-search (~> 0.1.0)
      cocoapods-stats (~> 0.6.2)
      cocoapods-trunk (~> 0.6.4)
      cocoapods-try (~> 0.5.1)
      colored (~> 1.2)
      escape (~> 0.0.4)
      molinillo (~> 0.4.0)
      nap (~> 1.0)
      xcodeproj (~> 0.28.2)
    cocoapods-core (0.39.0)
      activesupport (>= 4.0.2)
      fuzzy_match (~> 2.0.4)
      nap (~> 1.0)
    cocoapods-downloader (0.9.3)
    cocoapods-plugins (0.4.2)
      nap
    cocoapods-search (0.1.0)
    cocoapods-stats (0.6.2)
    cocoapods-trunk (0.6.4)
      nap (>= 0.8, < 2.0)
      netrc (= 0.7.8)
    cocoapods-try (0.5.1)
    colored (1.2)
    command-builder (0.3.1)
      hash-utils (>= 0.18.0)
      pipe-run (>= 0.2.1)
    commander (4.3.4)
      highline (~> 1.7.2)
    cupertino (1.3.4)
      certified (~> 1.0.0)
      commander (~> 4.3)
      highline (>= 1.7.1)
      mechanize (~> 2.5.1)
      nokogiri (~> 1.6.3)
      security (~> 0.1.2)
      term-ansicolor (~> 1.0.7)
      terminal-table (~> 1.4.5)
    domain_name (0.5.24)
      unf (>= 0.0.5, < 1.0.0)
    dotenv (0.11.1)
      dotenv-deployment (~> 0.0.2)
    dotenv-deployment (0.0.2)
    escape (0.0.4)
    faraday (0.8.9)
      multipart-post (~> 1.2.0)
    faraday_middleware (0.9.1)
      faraday (>= 0.7.4, < 0.10)
    fuzzy_match (2.0.4)
    hash-utils (2.2.0)
      ruby-version (>= 0.4.0)
    highline (1.7.2)
    i18n (0.7.0)
    json (1.8.3)
    mechanize (2.5.1)
      domain_name (~> 0.5, >= 0.5.1)
      mime-types (~> 1.17, >= 1.17.2)
      net-http-digest_auth (~> 1.1, >= 1.1.1)
      net-http-persistent (~> 2.5, >= 2.5.2)
      nokogiri (~> 1.4)
      ntlm-http (~> 0.1, >= 0.1.1)
      webrobots (~> 0.0, >= 0.0.9)
    mime-types (1.25.1)
    mini_portile (0.6.2)
    minitest (5.8.3)
    molinillo (0.4.0)
    multipart-post (1.2.0)
    nap (1.0.0)
    net-http-digest_auth (1.4)
    net-http-persistent (2.9.4)
    net-sftp (2.1.2)
      net-ssh (>= 2.6.5)
    net-ssh (2.9.2)
    netrc (0.7.8)
    nokogiri (1.6.6.2)
      mini_portile (~> 0.6.0)
    ntlm-http (0.1.1)
    pipe-run (0.3.0)
    plist (3.1.0)
    rake (10.4.2)
    ruby-version (0.4.3)
    rubyzip (1.1.7)
    security (0.1.3)
    shenzhen (0.14.2)
      aws-sdk (~> 1.0)
      commander (~> 4.3)
      dotenv (>= 0.7)
      faraday (~> 0.8.9)
      faraday_middleware (~> 0.9)
      highline (>= 1.7.2)
      json (~> 1.8)
      net-sftp (~> 2.1.2)
      plist (~> 3.1.0)
      rubyzip (~> 1.1)
      security (~> 0.1.3)
      terminal-table (~> 1.4.5)
    term-ansicolor (1.0.7)
    terminal-table (1.4.5)
    thread_safe (0.3.5)
    tzinfo (1.2.2)
      thread_safe (~> 0.1)
    unf (0.1.4)
      unf_ext
    unf_ext (0.0.7.1)
    webrobots (0.1.1)
    xcodeproj (0.28.2)
      activesupport (>= 3)
      claide (~> 0.9.1)
      colored (~> 1.2)

PLATFORMS
  ruby

DEPENDENCIES
  cocoapods
  command-builder
  cupertino (= 1.3.4)
  dotenv (= 0.11.1)
  rake
  shenzhen (= 0.14.2)

BUNDLED WITH
   1.10.6
